GEM
  remote: https://rubygems.org/
  specs:
    akami (1.2.0)
      gyoku (>= 0.4.0)
      nokogiri (>= 1.4.0)
    builder (3.2.2)
    bunny (0.7.9)
    celluloid (0.15.2)
      timers (~> 1.1.0)
    chef (10.16.6)
      bunny (>= 0.6.0, < 0.8.0)
      erubis
      highline (>= 1.6.9)
      json (>= 1.4.4, <= 1.6.1)
      mixlib-authentication (>= 1.3.0)
      mixlib-cli (>= 1.1.0)
      mixlib-config (>= 1.1.2)
      mixlib-log (>= 1.3.0)
      mixlib-shellout
      moneta (< 0.7.0)
      net-ssh (~> 2.2.2)
      net-ssh-multi (~> 1.1.0)
      ohai (>= 0.6.0)
      rest-client (>= 1.0.4, < 1.7.0)
      treetop (~> 1.4.9)
      uuidtools
      yajl-ruby (~> 1.1)
    clamp (0.6.1)
    colored (1.2)
    em-winrm (0.5.4)
      eventmachine (= 1.0.0.beta.3)
      mixlib-log (>= 1.3.0)
      uuidtools (~> 2.1.1)
      winrm (~> 1.1.0)
    erubis (2.7.0)
    esx (0.4.3)
      clamp
      terminal-table
    eventmachine (1.0.0.beta.3)
    excon (0.27.6)
    ffi (1.9.0)
    fog (1.9.0)
      builder
      excon (~> 0.14)
      formatador (~> 0.2.0)
      mime-types
      multi_json (~> 1.0)
      net-scp (~> 1.0.4)
      net-ssh (>= 2.1.3)
      nokogiri (~> 1.5.0)
      ruby-hmac
    formatador (0.2.4)
    gssapi (1.0.3)
      ffi (>= 1.0.1)
    gyoku (1.1.0)
      builder (>= 2.1.2)
    highline (1.6.19)
    httpclient (2.3.4.1)
    httpi (0.9.7)
      rack
    ipaddress (0.8.0)
    json (1.6.1)
    knife-cloudstack (0.0.14)
      chef (>= 0.10.0)
      knife-windows
    knife-esx (0.3.3)
      celluloid (>= 0.9)
      chef (>= 0.10)
      esx (>= 0.4.2)
      open4
      terminal-table
    knife-ucs (0.0.3)
      chef (~> 10.16.2)
      nokogiri (~> 1.5.2)
      rest-client (~> 1.6.7)
      ucslib (~> 0.1.6)
    knife-vagrant (0.0.7)
    knife-vcloud (0.2.3)
      chef (>= 0.10.0)
      knife-windows
      vcloud-rest (~> 0.2.1)
    knife-vsphere (0.9.5)
      chef (>= 0.10.0)
      netaddr (~> 1.5.0)
      rbvmomi (~> 1.5.1)
    knife-windows (0.5.12)
      em-winrm (= 0.5.4)
    knife-xenserver (1.3.2)
      chef (>= 0.10)
      colored
      fog (>= 1.4)
      terminal-table
      uuidtools
    little-plugger (1.1.3)
    logging (1.8.1)
      little-plugger (>= 1.1.3)
      multi_json (>= 1.3.6)
    mime-types (1.25)
    mixlib-authentication (1.3.0)
      mixlib-log
    mixlib-cli (1.3.0)
    mixlib-config (2.0.0)
    mixlib-log (1.6.0)
    mixlib-shellout (1.2.0)
    moneta (0.6.0)
    multi_json (1.8.2)
    net-scp (1.0.4)
      net-ssh (>= 1.99.1)
    net-ssh (2.2.2)
    net-ssh-gateway (1.1.0)
      net-ssh (>= 1.99.1)
    net-ssh-multi (1.1)
      net-ssh (>= 2.1.4)
      net-ssh-gateway (>= 0.99.0)
    netaddr (1.5.0)
    nokogiri (1.5.10)
    nori (1.1.5)
    ohai (6.18.0)
      ipaddress
      mixlib-cli
      mixlib-config
      mixlib-log
      mixlib-shellout
      systemu
      yajl-ruby
    open4 (1.3.0)
    polyglot (0.3.3)
    rack (1.5.2)
    rbvmomi (1.5.1)
      builder
      nokogiri (>= 1.4.1)
      trollop
    rest-client (1.6.7)
      mime-types (>= 1.16)
    ruby-hmac (0.4.0)
    rubyntlm (0.1.1)
    savon (0.9.5)
      akami (~> 1.0)
      builder (>= 2.1.2)
      gyoku (>= 0.4.0)
      httpi (~> 0.9)
      nokogiri (>= 1.4.0)
      nori (~> 1.0)
      wasabi (~> 1.0)
    systemu (2.5.2)
    terminal-table (1.4.5)
    timers (1.1.0)
    treetop (1.4.15)
      polyglot
      polyglot (>= 0.3.1)
    trollop (2.0)
    ucslib (0.1.7)
      json
      nokogiri
      rest-client
    uuidtools (2.1.4)
    vcloud-rest (0.2.2)
      nokogiri (~> 1.5.9)
      rest-client (~> 1.6.7)
    wasabi (1.0.0)
      nokogiri (>= 1.4.0)
    winrm (1.1.3)
      gssapi (~> 1.0.0)
      httpclient (~> 2.2, >= 2.2.0.2)
      logging (~> 1.6, >= 1.6.1)
      nokogiri (~> 1.5)
      rubyntlm (~> 0.1.1)
      savon (= 0.9.5)
      uuidtools (~> 2.1.2)
    yajl-ruby (1.1.0)

PLATFORMS
  ruby

DEPENDENCIES
  knife-cloudstack
  knife-esx
  knife-ucs
  knife-vagrant
  knife-vcloud
  knife-vsphere
  knife-windows
  knife-xenserver
